PATH
  remote: .
  specs:
    onlyoffice_pdf_parser (0.3.0)
      image_size (~> 2)
      pdf-reader (~> 2)
      rmagick (~> 4)

GEM
  remote: https://rubygems.org/
  specs:
    Ascii85 (1.1.0)
    afm (0.2.2)
    ast (2.4.2)
    childprocess (4.0.0)
    diff-lcs (1.4.4)
    docile (1.3.5)
    hashery (2.1.2)
    image_size (2.1.0)
    iniparse (1.5.0)
    overcommit (0.57.0)
      childprocess (>= 0.6.3, < 5)
      iniparse (~> 1.4)
    parallel (1.20.1)
    parallel_tests (3.6.0)
      parallel
    parser (3.0.0.0)
      ast (~> 2.4.1)
    pdf-reader (2.4.2)
      Ascii85 (~> 1.0)
      afm (~> 0.2.1)
      hashery (~> 2.0)
      ruby-rc4
      ttfunk
    rainbow (3.0.0)
    rake (13.0.3)
    regexp_parser (2.1.1)
    rexml (3.2.5)
    rmagick (4.2.2)
    rspec (3.10.0)
      rspec-core (~> 3.10.0)
      rspec-expectations (~> 3.10.0)
      rspec-mocks (~> 3.10.0)
    rspec-core (3.10.1)
      rspec-support (~> 3.10.0)
    rspec-expectations (3.10.1)
      diff-lcs (>= 1.2.0, < 2.0)
      rspec-support (~> 3.10.0)
    rspec-mocks (3.10.2)
      diff-lcs (>= 1.2.0, < 2.0)
      rspec-support (~> 3.10.0)
    rspec-support (3.10.2)
    rubocop (1.12.1)
      parallel (~> 1.10)
      parser (>= 3.0.0.0)
      rainbow (>= 2.2.2, < 4.0)
      regexp_parser (>= 1.8, < 3.0)
      rexml
      rubocop-ast (>= 1.2.0, < 2.0)
      ruby-progressbar (~> 1.7)
      unicode-display_width (>= 1.4.0, < 3.0)
    rubocop-ast (1.4.1)
      parser (>= 2.7.1.5)
    rubocop-performance (1.10.2)
      rubocop (>= 0.90.0, < 2.0)
      rubocop-ast (>= 0.4.0)
    rubocop-rake (0.5.1)
      rubocop
    rubocop-rspec (2.2.0)
      rubocop (~> 1.0)
      rubocop-ast (>= 1.1.0)
    ruby-progressbar (1.11.0)
    ruby-rc4 (0.1.5)
    simplecov (0.21.2)
      docile (~> 1.1)
      simplecov-html (~> 0.11)
      simplecov_json_formatter (~> 0.1)
    simplecov-html (0.12.3)
    simplecov_json_formatter (0.1.2)
    ttfunk (1.7.0)
    unicode-display_width (2.0.0)
    yard (0.9.26)

PLATFORMS
  ruby

DEPENDENCIES
  onlyoffice_pdf_parser!
  overcommit (~> 0)
  parallel_tests (~> 3)
  rake (~> 13)
  rspec (~> 3)
  rubocop (~> 1)
  rubocop-performance (~> 1)
  rubocop-rake (~> 0)
  rubocop-rspec (~> 2)
  simplecov (~> 0)
  yard (>= 0.9.20)

BUNDLED WITH
   2.1.4
